GEM
  remote: http://rubygems.org/
  specs:
    aws-sdk (1.7.0)
      httparty (~> 0.7)
      json (~> 1.4)
      nokogiri (>= 1.4.4)
      uuidtools (~> 2.1)
    fileutils (0.7)
      rmagick (>= 2.13.1)
    httparty (0.9.0)
      multi_json (~> 1.0)
      multi_xml
    json (1.7.5)
    multi_json (1.3.7)
    multi_xml (0.5.1)
    nokogiri (1.5.5)
    rake (0.9.2.2)
    rmagick (2.13.1)
    uuidtools (2.1.3)

PLATFORMS
  ruby

DEPENDENCIES
  aws-sdk
  fileutils
  rake
